GEM
  remote: https://rubygems.org/
  specs:
    RedCloth (4.2.9)
    awestruct (0.2.14)
      RedCloth (~> 4.2.5)
      bootstrap-sass (~> 2.0.1)
      compass (~> 0.11.5)
      compass-960-plugin (~> 0.10.4)
      fssm (~> 0.2.7)
      haml (~> 3.1.0)
      hashery (~> 1.4.0)
      hpricot (~> 0.8.6)
      json (~> 1.6.5)
      notifier (~> 0.1.4)
      org-ruby (~> 0.5.3)
      rdiscount (~> 1.6.8)
      sass (~> 3.1.0)
      versionomy (~> 0.4.1)
    blankslate (2.1.2.4)
    blockenspiel (0.4.5)
    bootstrap-sass (2.0.4.2)
    chunky_png (1.2.8)
    compass (0.11.7)
      chunky_png (~> 1.2)
      fssm (>= 0.2.7)
      sass (~> 3.1)
    compass-960-plugin (0.10.4)
      compass (>= 0.10.0)
    fssm (0.2.8.1)
    git (1.2.5)
    haml (3.1.8)
    hashery (1.4.0)
    hpricot (0.8.6)
    json (1.6.8)
    notifier (0.1.5)
    org-ruby (0.5.3)
      rubypants (>= 0.2.0)
    rdiscount (1.6.8)
    rubypants (0.2.0)
    sass (3.1.21)
    versionomy (0.4.4)
      blockenspiel (>= 0.4.5)

PLATFORMS
  ruby

DEPENDENCIES
  RedCloth (~> 4.2.9)
  awestruct (= 0.2.14)
  blankslate (~> 2.1.2.4)
  blockenspiel (~> 0.4.3)
  bootstrap-sass (~> 2.0.2)
  chunky_png (~> 1.2.5)
  compass (~> 0.11.5)
  compass-960-plugin (~> 0.10.4)
  fssm (~> 0.2.8.1)
  git (~> 1.2.5)
  haml (~> 3.1.5)
  hashery (~> 1.4.0)
  hpricot (~> 0.8.6)
  json (~> 1.6.6)
  org-ruby (~> 0.5.3)
  rdiscount (~> 1.6.8)
  rubypants (~> 0.2.0)
  sass (~> 3.1.18)
  versionomy (~> 0.4.3)
